RESTRICTION: == net45
NUGET
  remote: https://www.nuget.org/api/v2
    FAKE (4.63.2)
    FSharp.Core (4.2.3)
    FSharp.Data (2.4.2)
    Newtonsoft.Json (10.0.3)
    Suave (1.0)
      FSharp.Core (>= 3.1.2.5)
